PATH
  remote: .
  specs:
    esopo (1.2.1)
      gli (>= 2.21.0)

GEM
  remote: https://rubygems.org/
  specs:
    diff-lcs (1.5.0)
    gli (2.21.0)
    psych (5.1.0)
      stringio
    rake (13.0.6)
    rdoc (6.5.0)
      psych (>= 4.0.0)
    rspec (3.12.0)
      rspec-core (~> 3.12.0)
      rspec-expectations (~> 3.12.0)
      rspec-mocks (~> 3.12.0)
    rspec-core (3.12.1)
      rspec-support (~> 3.12.0)
    rspec-expectations (3.12.2)
      diff-lcs (>= 1.2.0, < 2.0)
      rspec-support (~> 3.12.0)
    rspec-mocks (3.12.3)
      diff-lcs (>= 1.2.0, < 2.0)
      rspec-support (~> 3.12.0)
    rspec-support (3.12.0)
    stringio (3.0.5)

PLATFORMS
  arm64-darwin-21
  arm64-darwin-22

DEPENDENCIES
  esopo!
  rake (>= 9.9.2)
  rdoc (>= 4.3)
  rspec (>= 3.10)

BUNDLED WITH
   2.3.3
